GEM
  remote: https://rubygems.org/
  specs:
    httparty (0.14.0)
      multi_xml (>= 0.5.2)
    mini_portile2 (2.1.0)
    multi_xml (0.5.5)
    nokogiri (1.6.8.1)
      mini_portile2 (~> 2.1.0)

PLATFORMS
  ruby

DEPENDENCIES
  httparty
  nokogiri

BUNDLED WITH
   1.13.6
